GIT
  remote: git://github.com/awestruct/awestruct.git
  revision: 0dbfd2ad2061d436b90eca7e3a4d46313fda718f
  specs:
    awestruct (0.5.7.RC3)
      asciidoctor (~> 1.5, >= 1.5.2)
      colorize (~> 0.7, >= 0.7.1)
      git (~> 1.2, >= 1.2.6)
      guard (~> 2.13, >= 2.13.0)
      guard-livereload (~> 2.1, >= 2.1.2)
      haml (~> 4.0, >= 4.0.5)
      listen (>= 2.7.1, <= 4.0)
      mime-types (~> 2.1)
      oga (~> 1.3)
      parallel (~> 1.1, > 1.1.1)
      rack (~> 1.5, >= 1.5.2)
      rest-client (~> 1.7, >= 1.7.2)
      tilt (~> 2.0, >= 2.0.1)

GEM
  remote: https://rubygems.org/
  specs:
    ansi (1.5.0)
    asciidoctor (1.5.4)
    ast (2.2.0)
    autoprefixer-rails (6.3.1)
      execjs
      json
    bootstrap-sass (3.3.6)
      autoprefixer-rails (>= 5.2.1)
      sass (>= 3.3.4)
    coderay (1.1.0)
    colorize (0.7.7)
    domain_name (0.5.20160128)
      unf (>= 0.0.5, < 1.0.0)
    em-websocket (0.5.1)
      eventmachine (>= 0.12.9)
      http_parser.rb (~> 0.6.0)
    eventmachine (1.0.9.1)
    execjs (2.6.0)
    ffi (1.9.10)
    font-awesome-sass (4.3.2.1)
      sass (~> 3.2)
    formatador (0.2.5)
    git (1.2.9.1)
    guard (2.13.0)
      formatador (>= 0.2.4)
      listen (>= 2.7, <= 4.0)
      lumberjack (~> 1.0)
      nenv (~> 0.1)
      notiffany (~> 0.0)
      pry (>= 0.9.12)
      shellany (~> 0.0)
      thor (>= 0.18.1)
    guard-compat (1.2.1)
    guard-livereload (2.5.1)
      em-websocket (~> 0.5)
      guard (~> 2.8)
      guard-compat (~> 1.0)
      multi_json (~> 1.8)
    haml (4.0.7)
      tilt
    http-cookie (1.0.2)
      domain_name (~> 0.5)
    http_parser.rb (0.6.0)
    json (1.8.3)
    listen (3.0.5)
      rb-fsevent (>= 0.9.3)
      rb-inotify (>= 0.9)
    lumberjack (1.0.10)
    method_source (0.8.2)
    mime-types (2.99)
    multi_json (1.11.2)
    nenv (0.2.0)
    netrc (0.11.0)
    notiffany (0.0.8)
      nenv (~> 0.1)
      shellany (~> 0.0)
    oga (1.3.1)
      ast
      ruby-ll (~> 2.1)
    parallel (1.6.1)
    patternfly-sass (2.9.0)
      bootstrap-sass (~> 3.3.5)
      font-awesome-sass (~> 4.3.0)
      sass (~> 3.4.15)
    pry (0.10.3)
      coderay (~> 1.1.0)
      method_source (~> 0.8.1)
      slop (~> 3.4)
    rack (1.6.4)
    rb-fsevent (0.9.7)
    rb-inotify (0.9.5)
      ffi (>= 0.5.0)
    rdiscount (2.0.7.3)
    rest-client (1.8.0)
      http-cookie (>= 1.0.2, < 2.0)
      mime-types (>= 1.16, < 3.0)
      netrc (~> 0.7)
    ruby-ll (2.1.2)
      ansi
      ast
    sass (3.4.21)
    sassc (1.8.4)
      bundler
      ffi (~> 1.9.6)
      sass (>= 3.3.0)
    shellany (0.0.1)
    slop (3.6.0)
    thor (0.19.1)
    tilt (2.0.2)
    unf (0.1.4)
      unf_ext
    unf_ext (0.0.7.1)

PLATFORMS
  ruby

DEPENDENCIES
  awestruct!
  guard
  guard-livereload
  patternfly-sass (= 2.9.0)
  rdiscount (~> 2.0.7)
  sassc (~> 1.8)
