GEM
  remote: https://rubygems.org/
  specs:
    ansi (1.5.0)
    asciidoctor (2.0.17)
    ast (2.4.2)
    awestruct (0.6.1)
      asciidoctor (>= 1.5.2, < 3.0)
      git (~> 1.2, >= 1.2.6)
      guard (~> 2.0, >= 2.13.0)
      guard-livereload (~> 2.0, >= 2.1.2)
      haml (>= 4.0.5, < 6.0)
      listen (~> 3.1)
      logging (~> 2.2)
      mime-types (~> 3.0)
      oga (~> 2.0)
      parallel (~> 1.0, > 1.1.1)
      rack (~> 2.0)
      rest-client (~> 2.0)
      tilt (~> 2.0, >= 2.0.1)
    coderay (1.1.3)
    domain_name (0.5.20190701)
      unf (>= 0.0.5, < 1.0.0)
    em-websocket (0.5.3)
      eventmachine (>= 0.12.9)
      http_parser.rb (~> 0)
    eventmachine (1.2.7)
    execjs (2.8.1)
    ffi (1.15.5)
    formatador (1.1.0)
    git (1.10.2)
      rchardet (~> 1.8)
    guard (2.18.0)
      formatador (>= 0.2.4)
      listen (>= 2.7, < 4.0)
      lumberjack (>= 1.0.12, < 2.0)
      nenv (~> 0.1)
      notiffany (~> 0.0)
      pry (>= 0.13.0)
      shellany (~> 0.0)
      thor (>= 0.18.1)
    guard-compat (1.2.1)
    guard-livereload (2.5.2)
      em-websocket (~> 0.5)
      guard (~> 2.8)
      guard-compat (~> 1.0)
      multi_json (~> 1.8)
    haml (5.2.2)
      temple (>= 0.8.0)
      tilt
    htmlcompressor (0.4.0)
    http-accept (1.7.0)
    http-cookie (1.0.4)
      domain_name (~> 0.5)
    http_parser.rb (0.8.0)
    json (2.6.1)
    listen (3.7.1)
      rb-fsevent (~> 0.10, >= 0.10.3)
      rb-inotify (~> 0.9, >= 0.9.10)
    little-plugger (1.1.4)
    logging (2.3.0)
      little-plugger (~> 1.1)
      multi_json (~> 1.14)
    lumberjack (1.2.8)
    method_source (1.0.0)
    mime-types (3.4.1)
      mime-types-data (~> 3.2015)
    mime-types-data (3.2022.0105)
    multi_json (1.15.0)
    nenv (0.3.0)
    netrc (0.11.0)
    notiffany (0.1.3)
      nenv (~> 0.1)
      shellany (~> 0.0)
    oga (2.15)
      ast
      ruby-ll (~> 2.1)
    parallel (1.21.0)
    pry (0.14.1)
      coderay (~> 1.1)
      method_source (~> 1.0)
    rack (2.2.3)
    rake (13.0.6)
    rb-fsevent (0.11.1)
    rb-inotify (0.10.1)
      ffi (~> 1.0)
    rchardet (1.8.0)
    rdiscount (2.0.7.3)
    rest-client (2.1.0)
      http-accept (>= 1.7.0, < 2.0)
      http-cookie (>= 1.0.2, < 2.0)
      mime-types (>= 1.16, < 4.0)
      netrc (~> 0.8)
    ruby-ll (2.1.2)
      ansi
      ast
    sass (3.7.4)
      sass-listen (~> 4.0.0)
    sass-listen (4.0.0)
      rb-fsevent (~> 0.9, >= 0.9.4)
      rb-inotify (~> 0.9, >= 0.9.7)
    sassc (2.4.0)
      ffi (~> 1.9)
    shellany (0.0.1)
    temple (0.8.2)
    thor (1.2.1)
    tilt (2.0.10)
    uglifier (4.2.0)
      execjs (>= 0.3.0, < 3)
    unf (0.1.4)
      unf_ext
    unf_ext (0.0.8)
    webrick (1.7.0)

PLATFORMS
  ruby

DEPENDENCIES
  awestruct (= 0.6.1)
  bundler (= 2.3.4)
  guard
  guard-livereload
  htmlcompressor
  json
  rake
  rdiscount (~> 2.0.7)
  sass
  sassc
  uglifier
  webrick

BUNDLED WITH
   2.3.4
